GEM
  remote: https://rubygems.org/
  specs:
    agoo (2.15.9)
    base64 (0.2.0)
    jwt (2.8.1)
      base64
    pg (1.5.6)

PLATFORMS
  x86_64-linux

DEPENDENCIES
  agoo
  jwt
  pg

RUBY VERSION
   ruby 3.1.4p223

BUNDLED WITH
   2.4.22
